PATH
  remote: .
  specs:
    grpc_prometheus (0.1.0)
      grpc (~> 1.7)
      prometheus-client

GEM
  remote: https://rubygems.org/
  specs:
    google-protobuf (3.19.2)
    googleapis-common-protos-types (1.0.4)
      google-protobuf (~> 3.0)
    grpc (1.19.0)
      google-protobuf (~> 3.1)
      googleapis-common-protos-types (~> 1.0.0)
    grpc-tools (1.21.0)
    minitest (5.11.3)
    prometheus-client (0.9.0)
      quantile (~> 0.2.1)
    quantile (0.2.1)
    rake (13.0.1)

PLATFORMS
  ruby

DEPENDENCIES
  bundler (~> 1.17)
  grpc-tools
  grpc_prometheus!
  minitest (~> 5.0)
  rake (~> 13.0)

BUNDLED WITH
   1.17.2
